GEM
  remote: http://rubygems.org/
  specs:
    msgpack (0.4.4)
    zmq (2.1.0.1)

PLATFORMS
  ruby

DEPENDENCIES
  msgpack
  zmq (~> 2.1.0.1)
